GEM
  remote: https://rubygems.org/
  specs:
    builder (3.2.2)
    consul-ruby-client (0.0.12)
      json (~> 1.8)
      representable (~> 2.1)
      rest-client (~> 1.6)
    cucumber (1.3.20)
      builder (>= 2.1.2)
      diff-lcs (>= 1.1.3)
      gherkin (~> 2.12)
      multi_json (>= 1.7.5, < 2.0)
      multi_test (>= 0.1.2)
    cucumber-mailcatcher (0.12)
      cucumber (~> 1.3, >= 1.3.10)
      rspec-expectations (~> 3.3, >= 3.3.1)
    cucumber-rest-api (0.3)
      cucumber (>= 1.2.1)
      jsonpath (>= 0.1.2)
      nokogiri (>= 1.6.0)
      rspec (>= 2.12.0)
    diff-lcs (1.2.5)
    domain_name (0.5.25)
      unf (>= 0.0.5, < 1.0.0)
    gherkin (2.12.2)
      multi_json (~> 1.3)
    http-cookie (1.0.2)
      domain_name (~> 0.5)
    json (1.8.3)
    jsonpath (0.5.7)
      multi_json
    mime-types (2.6.2)
    mini_portile (0.6.2)
    multi_json (1.11.2)
    multi_test (0.1.2)
    netrc (0.10.3)
    nokogiri (1.6.6.2)
      mini_portile (~> 0.6.0)
    representable (2.3.0)
      uber (~> 0.0.7)
    rest-client (1.8.0)
      http-cookie (>= 1.0.2, < 2.0)
      mime-types (>= 1.16, < 3.0)
      netrc (~> 0.7)
    rspec (3.3.0)
      rspec-core (~> 3.3.0)
      rspec-expectations (~> 3.3.0)
      rspec-mocks (~> 3.3.0)
    rspec-core (3.3.2)
      rspec-support (~> 3.3.0)
    rspec-expectations (3.3.1)
      diff-lcs (>= 1.2.0, < 2.0)
      rspec-support (~> 3.3.0)
    rspec-mocks (3.3.2)
      diff-lcs (>= 1.2.0, < 2.0)
      rspec-support (~> 3.3.0)
    rspec-support (3.3.0)
    uber (0.0.15)
    unf (0.1.4)
      unf_ext
    unf_ext (0.0.7.1)

PLATFORMS
  ruby

DEPENDENCIES
  consul-ruby-client (~> 0.0.12)
  cucumber (~> 1.3.10)
  cucumber-mailcatcher (~> 0.12)
  cucumber-rest-api
  rest-client
